GEM
  remote: https://rubygems.org/
  specs:
    byebug (8.2.1)
    chronic (0.10.2)
    coderay (1.1.0)
    dotenv (2.1.0)
    method_source (0.8.2)
    pry (0.10.3)
      coderay (~> 1.1.0)
      method_source (~> 0.8.1)
      slop (~> 3.4)
    pry-byebug (3.3.0)
      byebug (~> 8.0)
      pry (~> 0.10)
    pry-doc (0.8.0)
      pry (~> 0.9)
      yard (~> 0.8)
    rake (10.4.2)
    redis (3.2.2)
    slack-incoming-webhooks (0.2.0)
    slop (3.6.0)
    whenever (0.9.4)
      chronic (>= 0.6.3)
    yard (0.8.7.6)

PLATFORMS
  ruby

DEPENDENCIES
  dotenv
  pry
  pry-byebug
  pry-doc
  rake
  redis (~> 3.2)
  slack-incoming-webhooks
  whenever

BUNDLED WITH
   1.10.6
